GEM
  remote: https://rubygems.org/
  specs:
    rgb (0.1.0)

PLATFORMS
  ruby

DEPENDENCIES
  rgb (~> 0.1)

BUNDLED WITH
   1.14.6
